PATH
  remote: .
  specs:
    utrace (0.1.0)

GEM
  remote: https://rubygems.org/
  specs:

PLATFORMS
  ruby

DEPENDENCIES
  utrace!

BUNDLED WITH
   1.17.2
